GEM
  remote: https://rubygems.org/
  specs:
    puppet-lint (3.3.0)

PLATFORMS
  x86_64-darwin-21

DEPENDENCIES
  puppet-lint

BUNDLED WITH
   2.3.6
